GEM
  remote: https://rubygems.org/
  specs:
    coderay (1.1.0)
    method_source (0.8.2)
    msgpack (0.5.8)
    pry (0.10.1)
      coderay (~> 1.1.0)
      method_source (~> 0.8.1)
      slop (~> 3.4)
    redis (3.1.0)
    slop (3.6.0)

PLATFORMS
  ruby

DEPENDENCIES
  msgpack
  pry
  redis
